NUGET
  remote: https://www.nuget.org/api/v2
  specs:
    Akka (1.0.6) - framework: >= net45
      Newtonsoft.Json (>= 7.0.1)
    Akka.TestKit (1.0.6) - framework: >= net45
      Akka (>= 1.0.6)
    Akka.TestKit.NUnit (1.0.6) - framework: >= net45
      Akka.TestKit (>= 1.0.6)
      NUnit (>= 2.6.4)
    CommonServiceLocator (1.3) - framework: >= net45
    Microsoft.AspNet.WebApi.Client (5.2.3) - framework: >= net45
      Newtonsoft.Json (>= 6.0.4) - framework: >= net45, portable-wp80+win+net45+wp81+wpa81
    Microsoft.AspNet.WebApi.Core (5.2.3) - framework: >= net45
      Microsoft.AspNet.WebApi.Client (>= 5.2.3)
    Microsoft.AspNet.WebApi.Owin (5.2.3) - framework: >= net45
      Microsoft.AspNet.WebApi.Core (>= 5.2.3 < 5.3.0)
      Microsoft.Owin (>= 2.0.2)
      Owin (>= 1.0)
    Microsoft.Owin (3.0.1) - framework: >= net45
      Owin (>= 1.0)
    Microsoft.Owin.Diagnostics (3.0.1) - framework: >= net45
      Microsoft.Owin (>= 3.0.1)
      Owin (>= 1.0)
    Microsoft.Owin.FileSystems (3.0.1) - framework: >= net45
    Microsoft.Owin.Host.HttpListener (3.0.1) - framework: >= net45
    Microsoft.Owin.Hosting (3.0.1) - framework: >= net45
      Microsoft.Owin (>= 3.0.1)
      Owin (>= 1.0)
    Microsoft.Owin.SelfHost (3.0.1) - framework: >= net45
      Microsoft.Owin (>= 3.0.1)
      Microsoft.Owin.Diagnostics (>= 3.0.1)
      Microsoft.Owin.Host.HttpListener (>= 3.0.1)
      Microsoft.Owin.Hosting (>= 3.0.1)
      Owin (>= 1.0)
    Microsoft.Owin.StaticFiles (3.0.1) - framework: >= net45
      Microsoft.Owin (>= 3.0.1)
      Microsoft.Owin.FileSystems (>= 3.0.1)
      Owin (>= 1.0)
    Newtonsoft.Json (8.0.2) - framework: >= net45
    NUnit (2.6.4) - framework: >= net45
    Owin (1.0) - framework: >= net45
    Unity (4.0.1) - framework: >= net45
      CommonServiceLocator (>= 1.3.0)
    Unity.WebAPI (5.2.3) - framework: >= net45
      Microsoft.AspNet.WebApi.Core (>= 5.2.3)
      Unity (>= 4.0.1)

GROUP Helper
NUGET
  remote: https://www.nuget.org/api/v2
  specs:
    SlimJim (1.0.3)
